GEM
  remote: https://rubygems.org/
  specs:
    addressable (2.5.2)
      public_suffix (>= 2.0.2, < 4.0)
    builder (3.2.3)
    data_objects (0.10.17)
      addressable (~> 2.1)
    dm-core (1.2.1)
      addressable (~> 2.3)
    dm-do-adapter (1.2.0)
      data_objects (~> 0.10.6)
      dm-core (~> 1.2.0)
    dm-migrations (1.2.0)
      dm-core (~> 1.2.0)
    dm-sqlite-adapter (1.2.0)
      dm-do-adapter (~> 1.2.0)
      do_sqlite3 (~> 0.10.6)
    do_sqlite3 (0.10.17)
      data_objects (= 0.10.17)
    json (2.1.0)
    jwt (2.1.0)
    logger (1.2.8)
    nexmo (5.4.0)
      jwt (~> 2)
    public_suffix (3.0.3)

PLATFORMS
  ruby

DEPENDENCIES
  builder
  dm-core
  dm-migrations
  dm-sqlite-adapter
  json
  logger
  nexmo

RUBY VERSION
   ruby 2.4.0p0

BUNDLED WITH
   1.15.3
